GEM
  remote: https://rubygems.org/
  specs:
    ast (2.4.2)
    bigdecimal (3.1.8)
    countries (6.0.1)
      unaccent (~> 0.3)
    gruff (0.25.0)
      bigdecimal (>= 3.0)
      histogram
      rmagick (>= 5.5)
    histogram (0.2.4.1)
    json (2.7.2)
    language_server-protocol (3.17.0.3)
    logger (1.6.1)
    observer (0.1.2)
    parallel (1.26.3)
    parser (3.3.5.0)
      ast (~> 2.4.1)
      racc
    pkg-config (1.5.6)
    prism (1.0.0)
    racc (1.8.1)
    rainbow (3.1.1)
    rbs (3.5.3)
      logger
    regexp_parser (2.9.2)
    rmagick (6.0.1)
      observer (~> 0.1)
      pkg-config (~> 1.4)
    rubocop (1.66.1)
      json (~> 2.3)
      language_server-protocol (>= 3.17.0)
      parallel (~> 1.10)
      parser (>= 3.3.0.2)
      rainbow (>= 2.2.2, < 4.0)
      regexp_parser (>= 2.4, < 3.0)
      rubocop-ast (>= 1.32.2, < 2.0)
      ruby-progressbar (~> 1.7)
      unicode-display_width (>= 2.4.0, < 3.0)
    rubocop-ast (1.32.3)
      parser (>= 3.3.1.0)
    ruby-lsp (0.18.1)
      language_server-protocol (~> 3.17.0)
      prism (~> 1.0)
      rbs (>= 3, < 4)
      sorbet-runtime (>= 0.5.10782)
    ruby-progressbar (1.13.0)
    sorbet-runtime (0.5.11577)
    unaccent (0.4.0)
    unicode-display_width (2.6.0)

PLATFORMS
  ruby
  x86_64-linux

DEPENDENCIES
  countries (~> 6.0)
  gruff (~> 0.25.0)
  rubocop (~> 1.66)
  ruby-lsp (~> 0.18.1)

BUNDLED WITH
   2.5.16
