GEM
  remote: https://rubygems.org/
  specs:
    countries (6.0.1)
      unaccent (~> 0.3)
    language_server-protocol (3.17.0.3)
    logger (1.6.1)
    prism (1.0.0)
    rbs (3.5.3)
      logger
    ruby-lsp (0.18.1)
      language_server-protocol (~> 3.17.0)
      prism (~> 1.0)
      rbs (>= 3, < 4)
      sorbet-runtime (>= 0.5.10782)
    sorbet-runtime (0.5.11577)
    unaccent (0.4.0)

PLATFORMS
  ruby
  x86_64-linux

DEPENDENCIES
  countries (~> 6.0)
  ruby-lsp (~> 0.18.1)

BUNDLED WITH
   2.5.16
